GEM
  remote: http://rubygems.org/
  specs:
    artii (2.0.1)
    async-rack (0.5.1)
      rack (~> 1.1)
    diff-lcs (1.1.3)
    em-synchrony (1.0.1)
      eventmachine (>= 1.0.0.beta.1)
    eventmachine (1.0.0.beta.4)
    foreman (0.46.0)
      thor (>= 0.13.6)
    goliath (0.9.4)
      async-rack
      em-synchrony (>= 1.0.0)
      eventmachine (>= 1.0.0.beta.3)
      http_parser.rb
      http_router (~> 0.9.0)
      log4r
      multi_json
      rack (>= 1.2.2)
      rack-contrib
      rack-respond_to
    http_parser.rb (0.5.3)
    http_router (0.9.7)
      rack (>= 1.0.0)
      url_mount (~> 0.2.1)
    log4r (1.1.10)
    multi_json (1.3.4)
    rack (1.4.1)
    rack-accept-media-types (0.9)
    rack-contrib (1.1.0)
      rack (>= 0.9.1)
    rack-respond_to (0.9.8)
      rack-accept-media-types (>= 0.6)
    rake (0.9.2.2)
    rspec (2.10.0)
      rspec-core (~> 2.10.0)
      rspec-expectations (~> 2.10.0)
      rspec-mocks (~> 2.10.0)
    rspec-core (2.10.0)
    rspec-expectations (2.10.0)
      diff-lcs (~> 1.1.3)
    rspec-mocks (2.10.1)
    thor (0.15.2)
    url_mount (0.2.1)
      rack

PLATFORMS
  ruby

DEPENDENCIES
  artii
  foreman
  goliath (= 0.9.4)
  rake
  rspec
